GEM
  remote: https://rubygems.org/
  specs:
    asciidoctor (2.0.18)
    rouge (4.0.0)

PLATFORMS
  ruby

DEPENDENCIES
  asciidoctor
  rouge

BUNDLED WITH
   2.3.23
